PATH
  remote: .
  specs:
    authlogic_crowd (0.1.9)
      authlogic (>= 2.1.3)
      simple_crowd (>= 0.1.6)

GEM
  remote: http://rubygems.org/
  specs:
    activesupport (3.0.4)
    authlogic (2.1.6)
      activesupport
    builder (3.0.0)
    crack (0.1.8)
    fcoury-matchy (0.4.0)
    hashie (0.3.0)
    rr (1.0.2)
    savon (0.7.9)
      builder (>= 2.1.2)
      crack (>= 0.1.4)
    simple_crowd (0.3.1)
      hashie (= 0.3.0)
      savon (= 0.7.9)
    thoughtbot-shoulda (2.11.1)

PLATFORMS
  ruby

DEPENDENCIES
  authlogic_crowd!
  fcoury-matchy
  rr
  thoughtbot-shoulda
